PATH
  remote: .
  specs:
    solr_ead (0.3.1)
      om
      rsolr
      sanitize
      solrizer (~> 2.1.0.rc1)

GEM
  remote: https://rubygems.org/
  specs:
    activemodel (3.2.11)
      activesupport (= 3.2.11)
      builder (~> 3.0.0)
    activesupport (3.2.11)
      i18n (~> 0.6)
      multi_json (~> 1.0)
    builder (3.0.4)
    columnize (0.3.6)
    daemons (1.1.9)
    debugger (1.2.3)
      columnize (>= 0.3.1)
      debugger-linecache (~> 1.1.1)
      debugger-ruby_core_source (~> 1.1.5)
    debugger-linecache (1.1.2)
      debugger-ruby_core_source (>= 1.1.1)
    debugger-ruby_core_source (1.1.6)
    deprecation (0.0.5)
      activesupport
    diff-lcs (1.1.3)
    i18n (0.6.1)
    json (1.7.6)
    mediashelf-loggable (0.4.9)
    multi_json (1.5.0)
    nokogiri (1.5.6)
    om (1.8.0)
      activemodel
      activesupport
      deprecation
      mediashelf-loggable
      nokogiri (>= 1.4.2)
    rdoc (3.12)
      json (~> 1.4)
    redcarpet (2.2.2)
    rsolr (1.0.8)
      builder (>= 2.1.2)
    rspec (2.12.0)
      rspec-core (~> 2.12.0)
      rspec-expectations (~> 2.12.0)
      rspec-mocks (~> 2.12.0)
    rspec-core (2.12.2)
    rspec-expectations (2.12.1)
      diff-lcs (~> 1.1.3)
    rspec-mocks (2.12.1)
    sanitize (2.0.3)
      nokogiri (>= 1.4.4, < 1.6)
    solrizer (2.1.0.rc1)
      activesupport
      daemons
      mediashelf-loggable (~> 0.4.7)
      nokogiri
      om (>= 1.5.0)
      stomp
      xml-simple
    stomp (1.2.8)
    xml-simple (1.1.2)
    yard (0.8.3)

PLATFORMS
  ruby

DEPENDENCIES
  debugger
  rdoc
  redcarpet
  rspec
  solr_ead!
  yard
