PATH
  remote: .
  specs:
    solr_ead (0.3.4)
      om
      rsolr
      sanitize
      solrizer (~> 2.1.0)

GEM
  remote: https://rubygems.org/
  specs:
    activemodel (3.2.13)
      activesupport (= 3.2.13)
      builder (~> 3.0.0)
    activesupport (3.2.13)
      i18n (= 0.6.1)
      multi_json (~> 1.0)
    builder (3.0.4)
    columnize (0.3.6)
    daemons (1.1.9)
    debugger (1.5.0)
      columnize (>= 0.3.1)
      debugger-linecache (~> 1.2.0)
      debugger-ruby_core_source (~> 1.2.0)
    debugger-linecache (1.2.0)
    debugger-ruby_core_source (1.2.0)
    deprecation (0.0.5)
      activesupport
    diff-lcs (1.2.1)
    i18n (0.6.1)
    json (1.7.7)
    mediashelf-loggable (0.4.9)
    multi_json (1.7.1)
    nokogiri (1.5.8)
    om (1.8.0)
      activemodel
      activesupport
      deprecation
      mediashelf-loggable
      nokogiri (>= 1.4.2)
    rake (10.0.3)
    rdoc (4.0.0)
      json (~> 1.4)
    redcarpet (2.2.2)
    rsolr (1.0.8)
      builder (>= 2.1.2)
    rspec (2.13.0)
      rspec-core (~> 2.13.0)
      rspec-expectations (~> 2.13.0)
      rspec-mocks (~> 2.13.0)
    rspec-core (2.13.1)
    rspec-expectations (2.13.0)
      diff-lcs (>= 1.1.3, < 2.0)
    rspec-mocks (2.13.0)
    sanitize (2.0.3)
      nokogiri (>= 1.4.4, < 1.6)
    solrizer (2.1.0)
      activesupport
      daemons
      mediashelf-loggable (~> 0.4.7)
      nokogiri
      om (>= 1.5.0)
      stomp
      xml-simple
    stomp (1.2.8)
    xml-simple (1.1.2)
    yard (0.8.5.2)

PLATFORMS
  ruby

DEPENDENCIES
  debugger
  rake
  rdoc
  redcarpet
  rspec
  solr_ead!
  yard
